GIT
  remote: https://github.com/coledot/blinky.git
  revision: c6251b9547f36dc8690d66c8df633424e0258a8e
  branch: moar_colors
  specs:
    blinky (0.0.12)
      cctray (~> 0.0.1)
      libusb (~> 0.2.2)

GEM
  remote: https://rubygems.org/
  specs:
    cctray (0.0.1)
      nokogiri (~> 1.6, >= 1.6.0)
    ffi (1.9.6)
    libusb (0.2.2)
      ffi (>= 1.0)
    mini_portile (0.6.1)
    nokogiri (1.6.5)
      mini_portile (~> 0.6.0)

PLATFORMS
  ruby

DEPENDENCIES
  blinky!
