GIT
  remote: https://github.com/coledot/blinky.git
  revision: 7a95f64d474dfc9cb2970b230082b79c706cdb23
  branch: light_lookup_serial_number
  specs:
    blinky (0.0.12)
      chicanery (~> 0.1.0)
      libusb (~> 0.2.2)

GEM
  remote: https://rubygems.org/
  specs:
    chicanery (0.1.8)
      colorize (~> 0)
      nokogiri (~> 1)
    colorize (0.7.3)
    ffi (1.9.5)
    libusb (0.2.2)
      ffi (>= 1.0)
    mini_portile (0.6.0)
    nokogiri (1.6.3.1)
      mini_portile (= 0.6.0)

PLATFORMS
  ruby

DEPENDENCIES
  blinky!
